GEM
  remote: https://rubygems.org/
  specs:
    ast (2.4.2)

PLATFORMS
  x86_64-linux

DEPENDENCIES
  ast

RUBY VERSION
   ruby 3.0.2p107

BUNDLED WITH
   2.2.28
